GIT
  remote: https://github.com/HomeBusProjects/ruby-homebus
  revision: f0fff8e41734fee104259ee626e257a0cadd2eff
  branch: main
  specs:
    homebus (0.30.2)
      mqtt (~> 0.5.0)

PATH
  remote: .
  specs:
    homebus-tasmota-dimmer (0.2.0)

GEM
  remote: https://rubygems.org/
  specs:
    dotenv (2.8.1)
    mqtt (0.5.0)

PLATFORMS
  ruby

DEPENDENCIES
  dotenv
  homebus!
  homebus-tasmota-dimmer!

BUNDLED WITH
   2.3.19
